GIT
  remote: git://github.com/sinatra/sinatra.git
  revision: 0bf6b92cedd86df89068b3c0b1b0f58ad28287eb
  specs:
    sinatra (1.4.0)
      rack (~> 1.3, >= 1.3.6)
      rack-protection (~> 1.2)
      tilt (~> 1.3, >= 1.3.3)

GEM
  remote: http://rubygems.org/
  specs:
    rack (1.4.1)
    rack-protection (1.2.0)
      rack
    tilt (1.3.3)

PLATFORMS
  ruby

DEPENDENCIES
  sinatra!
